GEM
  remote: https://rubygems.org/
  specs:
    backports (3.3.3)
    bond (0.4.3)
    ffi (1.9.3)
    listen (1.0.3)
      rb-fsevent (>= 0.9.3)
      rb-inotify (>= 0.9)
      rb-kqueue (>= 0.2)
    multi_json (1.8.4)
    rack (1.5.2)
    rack-protection (1.5.2)
      rack
    rack-test (0.6.2)
      rack (>= 1.0)
    rb-fsevent (0.9.4)
    rb-inotify (0.9.3)
      ffi (>= 0.5.0)
    rb-kqueue (0.2.2)
      ffi (>= 0.5.0)
    rerun (0.8.2)
      listen (~> 1.0.3)
    ripl (0.7.0)
      bond (~> 0.4.2)
    ripl-multi_line (0.3.1)
      ripl (>= 0.3.6)
    ripl-rack (0.2.1)
      rack (>= 1.0)
      rack-test (~> 0.6.2)
      ripl (>= 0.7.0)
    shotgun (0.9)
      rack (>= 1.0)
    sinatra (1.4.4)
      rack (~> 1.4)
      rack-protection (~> 1.4)
      tilt (~> 1.3, >= 1.3.4)
    sinatra-contrib (1.4.2)
      backports (>= 2.0)
      multi_json
      rack-protection
      rack-test
      sinatra (~> 1.4.0)
      tilt (~> 1.3)
    tilt (1.4.1)
    tux (0.3.0)
      ripl (>= 0.3.5)
      ripl-multi_line (>= 0.2.4)
      ripl-rack (>= 0.2.0)
      sinatra (>= 1.2.1)

PLATFORMS
  ruby

DEPENDENCIES
  multi_json
  rerun
  shotgun
  sinatra
  sinatra-contrib
  tux
